GEM
  remote: https://rubygems.org/
  specs:
    addressable (2.8.1)
      public_suffix (>= 2.0.2, < 6.0)
    ast (2.4.2)
    console (1.16.2)
      fiber-local
    fiber-local (1.0.0)
    fileutils (1.6.0)
    git (1.12.0)
      addressable (~> 2.8)
      rchardet (~> 1.8)
    io (0.0.1)
    json (2.6.2)
    parallel (1.22.1)
    parser (3.1.2.1)
      ast (~> 2.4.1)
    pathname (0.2.0)
    public_suffix (5.0.0)
    rainbow (3.1.1)
    rchardet (1.8.0)
    regexp_parser (2.6.0)
    rexml (3.2.5)
    rubocop (1.38.0)
      json (~> 2.3)
      parallel (~> 1.10)
      parser (>= 3.1.2.1)
      rainbow (>= 2.2.2, < 4.0)
      regexp_parser (>= 1.8, < 3.0)
      rexml (>= 3.2.5, < 4.0)
      rubocop-ast (>= 1.23.0, < 2.0)
      ruby-progressbar (~> 1.7)
      unicode-display_width (>= 1.4.0, < 3.0)
    rubocop-ast (1.23.0)
      parser (>= 3.1.1.0)
    ruby-progressbar (1.11.0)
    ruby_figlet (0.6.1)
    unicode-display_width (2.3.0)

PLATFORMS
  x86_64-linux

DEPENDENCIES
  console
  fileutils
  git
  io
  pathname
  rubocop
  ruby_figlet

BUNDLED WITH
   2.3.25
